GEM
  remote: https://rubygems.org/
  specs:
    activemodel (7.0.4.1)
      activesupport (= 7.0.4.1)
    activerecord (7.0.4.1)
      activemodel (= 7.0.4.1)
      activesupport (= 7.0.4.1)
    activesupport (7.0.4.1)
      concurrent-ruby (~> 1.0, >= 1.0.2)
      i18n (>= 1.6, < 2)
      minitest (>= 5.1)
      tzinfo (~> 2.0)
    backports (2.8.2)
    bcrypt (3.1.12)
    climate_control (0.2.0)
    coderay (1.1.2)
    concurrent-ruby (1.1.10)
    i18n (1.12.0)
      concurrent-ruby (~> 1.0)
    method_source (0.9.0)
    mime-types (3.2.2)
      mime-types-data (~> 3.2015)
    mime-types-data (3.2018.0812)
    mimemagic (0.3.10)
      nokogiri (~> 1)
      rake
    mini_magick (4.8.0)
    mini_portile2 (2.8.1)
    minitest (5.17.0)
    multi_json (1.13.1)
    mustermann (1.0.2)
    nokogiri (1.14.0)
      mini_portile2 (~> 2.8.0)
      racc (~> 1.4)
    paperclip (6.1.0)
      activemodel (>= 4.2.0)
      activesupport (>= 4.2.0)
      mime-types
      mimemagic (~> 0.3.0)
      terrapin (~> 0.6.0)
    pg (0.21.0)
    pry (0.11.3)
      coderay (~> 1.1.0)
      method_source (~> 0.9.0)
    racc (1.6.2)
    rack (2.0.5)
    rack-protection (2.0.2)
      rack
    rake (12.3.1)
    sinatra (2.0.2)
      mustermann (~> 1.0)
      rack (~> 2.0)
      rack-protection (= 2.0.2)
      tilt (~> 2.0)
    sinatra-activerecord (2.0.13)
      activerecord (>= 3.2)
      sinatra (>= 1.0)
    sinatra-contrib (2.0.2)
      backports (~> 2.8.2)
      multi_json
      mustermann (~> 1.0)
      rack-protection (= 2.0.2)
      sinatra (= 2.0.2)
      tilt (>= 1.3, < 3)
    sinatra-strong-params (0.0.3)
      sinatra (>= 1.4.0)
    sqlite3 (1.3.13)
    terrapin (0.6.0)
      climate_control (>= 0.0.3, < 1.0)
    tilt (2.0.8)
    tzinfo (2.0.5)
      concurrent-ruby (~> 1.0)

PLATFORMS
  ruby

DEPENDENCIES
  bcrypt
  mini_magick
  paperclip
  pg (~> 0.18)
  pry
  rake (~> 12.3.1)
  sinatra
  sinatra-activerecord
  sinatra-contrib
  sinatra-strong-params
  sqlite3

BUNDLED WITH
   1.17.2
